GEM
  remote: https://rubygems.org/
  specs:
    ruby2d (0.11.0)
    vector2d-ruby (1.1.0)

PLATFORMS
  x86_64-linux

DEPENDENCIES
  ruby2d (~> 0.11.0)
  vector2d-ruby (~> 1.1)

BUNDLED WITH
   2.2.22
